GEM
  remote: https://rubygems.org/
  specs:
    json (1.8.3)
    mini_portile2 (2.0.0)
    nokogiri (1.6.7.2)
      mini_portile2 (~> 2.0.0.rc2)
    rack (1.6.4)
    rake (10.4.2)
    sinatra (1.1.0)
      rack (~> 1.1)
      tilt (~> 1.1)
    tilt (1.4.1)
    zipruby (0.3.6)

PLATFORMS
  ruby

DEPENDENCIES
  json
  nokogiri
  rake
  sinatra (= 1.1.0)
  zipruby

BUNDLED WITH
   1.11.2
